GEM
  remote: https://rubygems.org/
  specs:
    addressable (2.3.5)
    codeclimate-test-reporter (0.3.0)
      simplecov (>= 0.7.1, < 1.0.0)
    coderay (1.1.0)
    crack (0.4.1)
      safe_yaml (~> 0.9.0)
    docile (1.1.3)
    faraday (0.8.8)
      multipart-post (~> 1.2.0)
    json (1.8.1)
    metaclass (0.0.1)
    method_source (0.8.2)
    minitest (5.4.3)
    mocha (0.14.0)
      metaclass (~> 0.0.1)
    multi_json (1.9.3)
    multipart-post (1.2.0)
    octokit (2.6.3)
      sawyer (~> 0.5.1)
    pry (0.9.12.4)
      coderay (~> 1.0)
      method_source (~> 0.8)
      slop (~> 3.4)
    rack (1.5.2)
    rack-protection (1.5.1)
      rack
    rack-test (0.6.2)
      rack (>= 1.0)
    rake (10.1.1)
    safe_yaml (0.9.7)
    sawyer (0.5.1)
      addressable (~> 2.3.5)
      faraday (~> 0.8, < 0.10)
    simplecov (0.8.2)
      docile (~> 1.1.0)
      multi_json
      simplecov-html (~> 0.8.0)
    simplecov-html (0.8.0)
    sinatra (1.4.4)
      rack (~> 1.4)
      rack-protection (~> 1.4)
      tilt (~> 1.3, >= 1.3.4)
    slop (3.4.7)
    sshkey (1.6.1)
    tilt (1.4.1)
    webmock (1.16.0)
      addressable (>= 2.2.7)
      crack (>= 0.3.2)

PLATFORMS
  ruby

DEPENDENCIES
  codeclimate-test-reporter
  json
  minitest
  mocha
  octokit
  pry
  rack-test
  rake
  sinatra
  sshkey
  webmock
